GEM
  remote: https://rubygems.org/
  specs:
    ast (2.4.1)
    awesome_print (1.8.0)
    byebug (11.1.3)
    coderay (1.1.3)
    dotenv (2.7.6)
    faraday (1.0.1)
      multipart-post (>= 1.2, < 3)
    faraday_middleware (1.0.0)
      faraday (~> 1.0)
    method_source (1.0.0)
    minitest (5.14.2)
    minitest-hooks (1.5.0)
      minitest (> 5.3)
    minitest-stub_any_instance (1.0.2)
    mocha (1.11.2)
    multipart-post (2.1.1)
    parallel (1.19.2)
    parser (2.7.1.4)
      ast (~> 2.4.1)
    pry (0.13.1)
      coderay (~> 1.1)
      method_source (~> 1.0)
    pry-byebug (3.9.0)
      byebug (~> 11.0)
      pry (~> 0.13.0)
    rainbow (3.0.0)
    rake (13.0.1)
    regexp_parser (1.7.1)
    rexml (3.2.4)
    rubocop (0.91.0)
      parallel (~> 1.10)
      parser (>= 2.7.1.1)
      rainbow (>= 2.2.2, < 4.0)
      regexp_parser (>= 1.7)
      rexml
      rubocop-ast (>= 0.4.0, < 1.0)
      ruby-progressbar (~> 1.7)
      unicode-display_width (>= 1.4.0, < 2.0)
    rubocop-ast (0.4.1)
      parser (>= 2.7.1.4)
    ruby-progressbar (1.10.1)
    unicode-display_width (1.7.0)

PLATFORMS
  ruby

DEPENDENCIES
  awesome_print
  dotenv
  faraday (~> 1.0)
  faraday_middleware (~> 1.0)
  minitest
  minitest-hooks
  minitest-stub_any_instance
  mocha
  pry
  pry-byebug
  rake
  rubocop

BUNDLED WITH
   2.1.4
